GEM
  remote: http://rubygems.org/
  specs:
    RedCloth (4.2.3)
    abstract (1.0.0)
    actionmailer (2.3.10)
      actionpack (= 2.3.10)
    actionpack (2.3.10)
      activesupport (= 2.3.10)
      rack (~> 1.1.0)
    activerecord (2.3.10)
      activesupport (= 2.3.10)
    activeresource (2.3.10)
      activesupport (= 2.3.10)
    activesupport (2.3.10)
    erubis (2.6.6)
      abstract (>= 1.0.0)
    hoe (2.6.2)
      rake (>= 0.8.7)
      rubyforge (>= 2.0.4)
    json_pure (1.4.6)
    linguistics (1.0.8)
    net-ping (1.3.7)
    rack (1.1.0)
    rails (2.3.10)
      actionmailer (= 2.3.10)
      actionpack (= 2.3.10)
      activerecord (= 2.3.10)
      activeresource (= 2.3.10)
      activesupport (= 2.3.10)
      rake (>= 0.8.3)
    rails_xss (0.1.3)
    rake (0.8.7)
    rubyforge (2.0.4)
      json_pure (>= 1.1.7)
    sqlite3-ruby (1.3.2)
    test-unit (1.2.3)
      hoe (>= 1.5.1)

PLATFORMS
  ruby

DEPENDENCIES
  RedCloth (~> 4.2.3)
  erubis
  linguistics (~> 1.0.8)
  net-ping
  rails (~> 2.3.10)
  rails_xss
  sqlite3-ruby
  test-unit (~> 1.2.3)
